GEM
  remote: http://rubygems.org/
  specs:
    dalli (2.7.4)
    mini_portile2 (2.0.0)
    newrelic_rpm (3.14.0.305)
    nokogiri (1.6.7.2)
      mini_portile2 (~> 2.0.0.rc2)
    rack (1.6.4)
    rack-protection (1.5.3)
      rack
    sinatra (1.4.7)
      rack (~> 1.5)
      rack-protection (~> 1.4)
      tilt (>= 1.3, < 3)
    tilt (2.0.2)

PLATFORMS
  ruby

DEPENDENCIES
  dalli
  newrelic_rpm
  nokogiri
  sinatra

BUNDLED WITH
   1.10.6
